GEM
  remote: http://rubygems.org/
  specs:
    builder (3.1.3)
    celluloid (0.12.0)
      timers (>= 1.0.0)
    faraday (0.8.6)
      multipart-post (~> 1.1)
    httparty (0.9.0)
      multi_json (~> 1.0)
      multi_xml
    json (1.6.6)
    multi_json (1.2.0)
    multi_xml (0.5.1)
    multipart-post (1.2.0)
    rack (1.4.1)
    ruby-freshbooks (0.4.1)
      builder (>= 2.1.2)
      httparty (>= 0.5.0)
    simple_oauth (0.2.0)
    timers (1.0.1)
    twitter (4.6.0)
      faraday (~> 0.8, < 0.10)
      multi_json (~> 1.0)
      simple_oauth (~> 0.2)

PLATFORMS
  ruby

DEPENDENCIES
  celluloid (~> 0.12.0)
  json (~> 1.6.6)
  rack (~> 1.4.1)
  ruby-freshbooks (~> 0.4.1)
  twitter (~> 4.6.0)
