GEM
  remote: http://rubygems.org/
  specs:
    activesupport (3.2.3)
      i18n (~> 0.6)
      multi_json (~> 1.0)
    addressable (2.2.7)
    builder (3.1.3)
    celluloid (0.12.0)
      timers (>= 1.0.0)
    faraday (0.7.6)
      addressable (~> 2.2)
      multipart-post (~> 1.1)
      rack (~> 1.1)
    httparty (0.9.0)
      multi_json (~> 1.0)
      multi_xml
    i18n (0.6.0)
    json (1.6.6)
    multi_json (1.2.0)
    multi_xml (0.5.1)
    multipart-post (1.1.5)
    rack (1.4.1)
    ruby-freshbooks (0.4.1)
      builder (>= 2.1.2)
      httparty (>= 0.5.0)
    simple_oauth (0.1.5)
    timers (1.0.1)
    twitter (2.2.0)
      activesupport (>= 2.3.9, < 4)
      faraday (~> 0.7)
      multi_json (~> 1.0)
      simple_oauth (~> 0.1)

PLATFORMS
  ruby

DEPENDENCIES
  celluloid (~> 0.12.0)
  json (~> 1.6.6)
  rack (~> 1.4.1)
  ruby-freshbooks (~> 0.4.1)
  twitter (~> 2.2.0)
